GIT
  remote: https://github.com/fnando/rspec-hpricot-matchers.git
  revision: 5d9ccbd2cc9926983a905c577ab9529592bf968a
  specs:
    rspec-hpricot-matchers (0.0.2)
      hpricot

GEM
  remote: http://rubygems.org/
  specs:
    Ascii85 (1.0.1)
    builder (3.0.0)
    diff-lcs (1.1.3)
    git (1.2.5)
    hpricot (0.8.6)
    jeweler (1.6.4)
      bundler (~> 1.0)
      git (>= 1.2.5)
      rake
    pdf-reader (1.0.0)
      Ascii85 (~> 1.0.0)
      ruby-rc4
    prawn (0.12.0)
      pdf-reader (>= 0.9.0)
      ttfunk (~> 1.0.2)
    rake (0.9.2.2)
    rcov (1.0.0)
    rspec (2.8.0)
      rspec-core (~> 2.8.0)
      rspec-expectations (~> 2.8.0)
      rspec-mocks (~> 2.8.0)
    rspec-core (2.8.0)
    rspec-expectations (2.8.0)
      diff-lcs (~> 1.1.2)
    rspec-mocks (2.8.0)
    ruby-rc4 (0.1.5)
    shoulda (2.11.3)
    ttfunk (1.0.3)

PLATFORMS
  ruby

DEPENDENCIES
  builder
  bundler (~> 1.0.0)
  hpricot
  jeweler (~> 1.6.4)
  prawn
  rcov
  rspec
  rspec-hpricot-matchers!
  shoulda
